GIT
  remote: https://github.com/mdz/ruby-trello
  revision: d0cbfa358cfb94f057b9b37a89f5ce71b6651155
  specs:
    ruby-trello (0.4.3)
      activemodel
      addressable (~> 2.3)
      json
      oauth (~> 0.4.5)
      rest-client (~> 1.6.7)

GEM
  remote: https://rubygems.org/
  specs:
    activemodel (4.2.5)
      activesupport (= 4.2.5)
      builder (~> 3.1)
    activesupport (4.2.5)
      i18n (~> 0.7)
      json (~> 1.7, >= 1.7.7)
      minitest (~> 5.1)
      thread_safe (~> 0.3, >= 0.3.4)
      tzinfo (~> 1.1)
    addressable (2.4.0)
    builder (3.2.2)
    i18n (0.7.0)
    json (1.8.3)
    mime-types (1.25.1)
    minitest (5.8.3)
    oauth (0.4.7)
    rest-client (1.6.9)
      mime-types (~> 1.16)
    thread_safe (0.3.5)
    tzinfo (1.2.2)
      thread_safe (~> 0.1)

PLATFORMS
  ruby

DEPENDENCIES
  json (~> 1.8.3)
  ruby-trello!

BUNDLED WITH
   1.10.6
